PATH
  remote: .
  specs:
    better_served (0.0.0)
      pusher-client (>= 0.4.0)

GEM
  remote: https://rubygems.org/
  specs:
    pusher-client (0.4.0)
      websocket (~> 1.0.0)
    websocket (1.0.7)

PLATFORMS
  ruby

DEPENDENCIES
  better_served!
